GEM
  remote: https://rubygems.org/
  specs:
    rails (7.1.3)

DEPENDENCIES
  rails (= 7.1.3)
